GEM
  remote: https://rubygems.org/
  specs:
    nokogiri (1.14.0-x86_64-linux)
      racc (~> 1.4)
    racc (1.6.2)

PLATFORMS
  x86_64-linux

DEPENDENCIES
  nokogiri (= 1.14.0)

BUNDLED WITH
   2.4.1
